{
  "AcquisitionMatrixPE": 64,
  "AcquisitionNumber": 1,
  "AcquisitionTime": "16:10:13.557500",
  "BandwidthPerPixelPhaseEncode": 24.038,
  "BaseResolution": 64,
  "BodyPartExamined": "HEAD",
  "ConsistencyInfo": "N4_VD13A_LATEST_20120616",
  "ConversionSoftware": "dcm2niix",
  "ConversionSoftwareVersion": "v1.0.20181125  GCC6.3.0",
  "DerivedVendorReportedEchoSpacing": 0.000650012,
  "DeviceSerialNumber": "45250",
  "DwellTime": 4.6e-06,
  "EchoTime": 0.033,
  "EchoTrainLength": 64,
  "EffectiveEchoSpacing": 0.000650012,
  "FlipAngle": 90,
  "ImageOrientationPatientDICOM": [0.999919, -0.00435506, -0.0119342, 0.00349037, 0.997432, -0.0715408],
  "ImageType": [
    "ORIGINAL",
    "PRIMARY",
    "M",
    "ND",
    "NORM",
    "MOSAIC"
],
  "ImagingFrequency": 123.22,
  "InPlanePhaseEncodingDirectionDICOM": "COL",
  "InstitutionAddress": "Kopernikusstr._26_Graz_Graz_AT_8010",
  "InstitutionName": "KFU",
  "InstitutionalDepartmentName": "Department",
  "MRAcquisitionType": "2D",
  "MagneticFieldStrength": 3,
  "Manufacturer": "Siemens",
  "ManufacturersModelName": "Skyra",
  "Modality": "MR",
  "PartialFourier": 1,
  "PatientPosition": "HFS",
  "PercentPhaseFOV": 100,
  "PhaseEncodingDirection": "j-",
  "PhaseEncodingSteps": 64,
  "PhaseResolution": 1,
  "PixelBandwidth": 1700,
  "ProcedureStepDescription": "KFU_Entw-Psy",
  "ProtocolName": "fMRI_3",
  "PulseSequenceDetails": "%SiemensSeq%_ep2d_pace",
  "ReceiveCoilActiveElements": "HE1-4",
  "ReceiveCoilName": "HeadNeck_20",
  "ReconMatrixPE": 64,
  "RepetitionTime": 2.34,
  "SAR": 0.185282,
  "ScanOptions": "FS",
  "ScanningSequence": "EP",
  "SequenceName": "_epfid2d1_64",
  "SequenceVariant": "SK",
  "SeriesDescription": "fMRI_3",
  "SeriesNumber": 9,
  "ShimSetting": [-1692, -3778, -4328, 412, 473, -206, 479, -245],
  "SliceThickness": 3,
  "SliceTiming": [2.25, 2.1825, 2.115, 2.045, 1.9775, 1.91, 1.84, 1.7725, 1.705, 1.6375, 1.5675, 1.5, 1.4325, 1.3625, 1.295, 1.2275, 1.16, 1.09, 1.0225, 0.955, 0.885, 0.8175, 0.75, 0.6825, 0.6125, 0.545, 0.4775, 0.4075, 0.34, 0.2725, 0.2025, 0.135, 0.0675, 0],
  "SoftwareVersions": "syngo_MR_D13",
  "SpacingBetweenSlices": 3.3,
  "StationName": "FBMTMR1",
  "TaskName": "read",
  "TotalReadoutTime": 0.0409508,
  "TxRefAmp": 327.577,
  "dcmmeta_affine": [
    [-2.999758005142212, 0.010471101850271225, -0.04030996561050415, 93.51306915283203],
    [0.01306516770273447, 2.9922947883605957, -0.2359282523393631, -109.22561645507812],
    [-0.0358026884496212, 0.21462251245975494, 3.291308641433716, -24.167312622070312],
    [0.0, 0.0, 0.0, 1.0]
],
  "dcmmeta_reorient_transform": [
    [0.0, -1.0, 0.0, 63.0],
    [1.0, 0.0, 0.0, 0.0],
    [0.0, 0.0, 1.0, 0.0],
    [0.0, 0.0, 0.0, 1.0]
],
  "dcmmeta_shape": [64, 64, 34, 130],
  "dcmmeta_slice_dim": 2,
  "dcmmeta_version": 0.6,
  "global": {
    "const": {
      "AcquisitionMatrix": [64, 0, 0, 64],
      "AngioFlag": "N",
      "BitsAllocated": 16,
      "BitsStored": 12,
      "BodyPartExamined": "HEAD",
      "Columns": 384,
      "EchoNumbers": 1,
      "EchoTime": 33.0,
      "EchoTrainLength": 64,
      "FlipAngle": 90.0,
      "HighBit": 11,
      "ImageOrientationPatient": [0.99991930057646, -0.0043550560432, -0.0119342289886, 0.00349036728048, 0.99743156442838, -0.071540838814],
      "ImagePositionPatient": [-575.80938904616, -555.9656725744, 29.421938660615],
      "ImageType": [
        "ORIGINAL",
        "PRIMARY",
        "M",
        "ND",
        "NORM",
        "MOSAIC"
],
      "ImagedNucleus": "1H",
      "ImagingFrequency": 123.219937,
      "InPlanePhaseEncodingDirection": "COL",
      "MRAcquisitionType": "2D",
      "MagneticFieldStrength": 3.0,
      "Manufacturer": "SIEMENS",
      "ManufacturerModelName": "Skyra",
      "Modality": "MR",
      "NumberOfAverages": 1.0,
      "NumberOfPhaseEncodingSteps": 64,
      "PercentPhaseFieldOfView": 100.0,
      "PercentSampling": 100.0,
      "PerformedProcedureStepStartTime": "153728.551000",
      "PhotometricInterpretation": "MONOCHROME2",
      "PixelBandwidth": 1700.0,
      "PixelRepresentation": 0,
      "PixelSpacing": [3.0, 3.0],
      "ProtocolName": "fMRI_3",
      "RepetitionTime": 2340.0,
      "Rows": 384,
      "SAR": 0.18528238420316,
      "SamplesPerPixel": 1,
      "ScanOptions": "FS",
      "ScanningSequence": "EP",
      "SequenceName": "*epfid2d1_64",
      "SequenceVariant": "SK",
      "SeriesDescription": "fMRI_3",
      "SeriesNumber": 9,
      "SeriesTime": "161101.529000",
      "SliceLocation": -17.437025745907,
      "SliceThickness": 3.0,
      "SmallestImagePixelValue": 0,
      "SoftwareVersions": "syngo MR D13",
      "SpacingBetweenSlices": 3.299999906013,
      "SpecificCharacterSet": "ISO_IR 100",
      "StudyID": "1",
      "StudyTime": "153728.500000",
      "TransmitCoilName": "Body",
      "VariableFlipAngleFlag": "N",
      "WindowCenterWidthExplanation": "Algo1",
      "dBdt": 0.0},
