{
  "AcquisitionMatrixPE": 64,
  "AcquisitionNumber": 1,
  "AcquisitionTime": "09:32:42.925000",
  "BandwidthPerPixelPhaseEncode": 24.038,
  "BaseResolution": 64,
  "BodyPartExamined": "HEAD",
  "ConsistencyInfo": "N4_VD13A_LATEST_20120616",
  "ConversionSoftware": "dcm2niix",
  "ConversionSoftwareVersion": "v1.0.20181125  GCC6.3.0",
  "DerivedVendorReportedEchoSpacing": 0.000650012,
  "DeviceSerialNumber": "45250",
  "DwellTime": 4.6e-06,
  "EchoTime": 0.033,
  "EchoTrainLength": 64,
  "EffectiveEchoSpacing": 0.000650012,
  "FlipAngle": 90,
  "ImageOrientationPatientDICOM": [0.999668, 0.0209778, -0.0149592, -0.0226856, 0.991894, -0.125027],
  "ImageType": [
    "ORIGINAL",
    "PRIMARY",
    "M",
    "ND",
    "NORM",
    "MOSAIC"
],
  "ImagingFrequency": 123.214,
  "InPlanePhaseEncodingDirectionDICOM": "COL",
  "InstitutionAddress": "Kopernikusstr._26_Graz_Graz_AT_8010",
  "InstitutionName": "KFU",
  "InstitutionalDepartmentName": "Department",
  "MRAcquisitionType": "2D",
  "MagneticFieldStrength": 3,
  "Manufacturer": "Siemens",
  "ManufacturersModelName": "Skyra",
  "Modality": "MR",
  "PartialFourier": 1,
  "PatientPosition": "HFS",
  "PercentPhaseFOV": 100,
  "PhaseEncodingDirection": "j-",
  "PhaseEncodingSteps": 64,
  "PhaseResolution": 1,
  "PixelBandwidth": 1700,
  "ProcedureStepDescription": "KFU_Entw-Psy",
  "ProtocolName": "fMRI_3",
  "PulseSequenceDetails": "%SiemensSeq%_ep2d_pace",
  "ReceiveCoilActiveElements": "HE1-4",
  "ReceiveCoilName": "HeadNeck_20",
  "ReconMatrixPE": 64,
  "RepetitionTime": 2.34,
  "SAR": 0.184978,
  "ScanOptions": "FS",
  "ScanningSequence": "EP",
  "SequenceName": "_epfid2d1_64",
  "SequenceVariant": "SK",
  "SeriesDescription": "fMRI_3",
  "SeriesNumber": 8,
  "ShimSetting": [-1491, -3650, -4367, 404, 464, 214, 348, -46],
  "SliceThickness": 3,
  "SliceTiming": [2.2525, 2.185, 2.115, 2.0475, 1.98, 1.91, 1.8425, 1.775, 1.7075, 1.6375, 1.57, 1.5025, 1.4325, 1.365, 1.2975, 1.23, 1.16, 1.0925, 1.025, 0.955, 0.8875, 0.82, 0.7525, 0.6825, 0.615, 0.5475, 0.4775, 0.41, 0.3425, 0.2725, 0.205, 0.1375, 0.07, 0],
  "SoftwareVersions": "syngo_MR_D13",
  "SpacingBetweenSlices": 3.3,
  "StationName": "FBMTMR1",
  "TaskName": "read",
  "TotalReadoutTime": 0.0409508,
  "TxRefAmp": 330.462,
  "dcmmeta_affine": [
    [-2.9990041255950928, -0.06805675476789474, -0.04030997306108475, 97.5460205078125],
    [-0.06293337792158127, 2.975681781768799, -0.41357308626174927, -113.49166870117188],
    [-0.04487760365009308, 0.37508198618888855, 3.273733615875244, -18.31861686706543],
    [0.0, 0.0, 0.0, 1.0]
],
  "dcmmeta_reorient_transform": [
    [0.0, -1.0, 0.0, 63.0],
    [1.0, 0.0, 0.0, 0.0],
    [0.0, 0.0, 1.0, 0.0],
    [0.0, 0.0, 0.0, 1.0]
],
  "dcmmeta_shape": [64, 64, 34, 123],
  "dcmmeta_slice_dim": 2,
  "dcmmeta_version": 0.6,
  "global": {
    "const": {
      "AcquisitionMatrix": [64, 0, 0, 64],
      "AngioFlag": "N",
      "BitsAllocated": 16,
      "BitsStored": 12,
      "BodyPartExamined": "HEAD",
      "Columns": 384,
      "EchoNumbers": 1,
      "EchoTime": 33.0,
      "EchoTrainLength": 64,
      "FlipAngle": 90.0,
      "HighBit": 11,
      "ImageOrientationPatient": [0.99966802215933, 0.02097779244132, -0.0149592010596, -0.0226855846239, 0.99189391164595, -0.125027326173],
      "ImagePositionPatient": [-562.21001133069, -560.15469832551, 72.505080567359],
      "ImageType": [
        "ORIGINAL",
        "PRIMARY",
        "M",
        "ND",
        "NORM",
        "MOSAIC"
],
      "ImagedNucleus": "1H",
      "ImagingFrequency": 123.214462,
      "InPlanePhaseEncodingDirection": "COL",
      "MRAcquisitionType": "2D",
      "MagneticFieldStrength": 3.0,
      "Manufacturer": "SIEMENS",
      "ManufacturerModelName": "Skyra",
      "Modality": "MR",
      "NumberOfAverages": 1.0,
      "NumberOfPhaseEncodingSteps": 64,
      "PercentPhaseFieldOfView": 100.0,
      "PercentSampling": 100.0,
      "PerformedProcedureStepStartTime": "091629.970000",
      "PhotometricInterpretation": "MONOCHROME2",
      "PixelBandwidth": 1700.0,
      "PixelRepresentation": 0,
      "PixelSpacing": [3.0, 3.0],
      "ProtocolName": "fMRI_3",
      "RepetitionTime": 2340.0,
      "Rows": 384,
      "SAR": 0.18497751184919,
      "SamplesPerPixel": 1,
      "ScanOptions": "FS",
      "ScanningSequence": "EP",
      "SequenceName": "*epfid2d1_64",
      "SequenceVariant": "SK",
      "SeriesDescription": "fMRI_3",
      "SeriesNumber": 8,
      "SeriesTime": "093336.095000",
      "SliceLocation": -5.1409853916177,
      "SliceThickness": 3.0,
      "SmallestImagePixelValue": 0,
      "SoftwareVersions": "syngo MR D13",
      "SpacingBetweenSlices": 3.2999999458835,
      "SpecificCharacterSet": "ISO_IR 100",
      "StudyID": "1",
      "StudyTime": "091629.917000",
      "TransmitCoilName": "Body",
      "VariableFlipAngleFlag": "N",
      "WindowCenterWidthExplanation": "Algo1",
      "dBdt": 0.0},
