{
  "AcquisitionMatrixPE": 224,
  "AcquisitionNumber": 1,
  "AcquisitionTime": "12:45:21.085000",
  "BaseResolution": 224,
  "BodyPartExamined": "HEAD",
  "CoilString": "HE1-4;NE1_2",
  "ConsistencyInfo": "N4_VD13A_LATEST_20120616",
  "ConversionSoftware": "dcm2niix",
  "ConversionSoftwareVersion": "v1.0.20181125  GCC6.3.0",
  "DeviceSerialNumber": "45250",
  "DwellTime": 8.2e-06,
  "EchoTime": 0.00179,
  "FlipAngle": 8,
  "ImageOrientationPatientDICOM": [-0.0466278, 0.998034, 0.0418733, -0.0124228, 0.0413363, -0.999068],
  "ImageType": [
    "ORIGINAL",
    "PRIMARY",
    "M",
    "NORM",
    "DIS3D",
    "DIS2D"
],
  "ImagingFrequency": 123.215,
  "InPlanePhaseEncodingDirectionDICOM": "ROW",
  "InstitutionAddress": "Kopernikusstr._26_Graz_Graz_AT_8010",
  "InstitutionName": "KFU",
  "InstitutionalDepartmentName": "Department",
  "InversionTime": 1,
  "MRAcquisitionType": "3D",
  "MagneticFieldStrength": 3,
  "Manufacturer": "Siemens",
  "ManufacturersModelName": "Skyra",
  "Modality": "MR",
  "PartialFourier": 1,
  "PatientPosition": "HFS",
  "PercentPhaseFOV": 100,
  "PhaseEncodingSteps": 258,
  "PhaseOversampling": 0.15,
  "PhaseResolution": 1,
  "PixelBandwidth": 270,
  "ProcedureStepDescription": "KFU_Entw-Psy",
  "ProtocolName": "t1_mprage_1mm_Pat2",
  "PulseSequenceDetails": "%SiemensSeq%_tfl",
  "ReceiveCoilActiveElements": "HE1-4;NE1,2",
  "ReceiveCoilName": "HeadNeck_20",
  "ReconMatrixPE": 224,
  "RepetitionTime": 1.6,
  "SAR": 0.0996537,
  "ScanOptions": "IR_WE",
  "ScanningSequence": "GR_IR",
  "SequenceName": "_tfl3d1_16ns",
  "SequenceVariant": "SK_SP_MP_OSP",
  "SeriesDescription": "t1_mprage_1mm_Pat2",
  "SeriesNumber": 2,
  "ShimSetting": [-1572, -3708, -4567, 50, 727, -392, 259, -401],
  "SliceThickness": 1,
  "SoftwareVersions": "syngo_MR_D13",
  "StationName": "FBMTMR1",
  "TxRefAmp": 331.446,
  "dcmmeta_affine": [
    [0.9988350868225098, -0.04662783816456795, -0.012422778643667698, -80.01971435546875],
    [0.04710456728935242, 0.9980342984199524, 0.04133632406592369, -131.08750915527344],
    [0.010470936074852943, -0.04187333956360817, 0.9990680813789368, -114.48439025878906],
    [0.0, 0.0, 0.0, 1.0]
],
  "dcmmeta_reorient_transform": [
    [0.0, 0.0, -1.0, 223.0],
    [0.0, -1.0, 0.0, 223.0],
    [-1.0, 0.0, 0.0, 175.0],
    [0.0, 0.0, 0.0, 1.0]
],
  "dcmmeta_shape": [176, 224, 224],
  "dcmmeta_slice_dim": 0,
  "dcmmeta_version": 0.6,
  "global": {
    "const": {
      "AcquisitionMatrix": [0, 224, 224, 0],
      "AcquisitionNumber": 1,
      "AcquisitionTime": "124521.085000",
      "AngioFlag": "N",
      "BitsAllocated": 16,
      "BitsStored": 12,
      "BodyPartExamined": "HEAD",
      "Columns": 224,
      "EchoNumbers": 1,
      "EchoTime": 1.79,
      "EchoTrainLength": 1,
      "FlipAngle": 8.0,
      "HighBit": 11,
      "ImageOrientationPatient": [-0.0466278383293, 0.99803430202531, 0.04187334084589, -0.0124227789601, 0.04133632468619, -0.9990680571534],
      "ImageType": [
        "ORIGINAL",
        "PRIMARY",
        "M",
        "NORM",
        "DIS3D",
        "DIS2D"
],
      "ImagedNucleus": "1H",
      "ImagingFrequency": 123.214523,
      "InPlanePhaseEncodingDirection": "ROW",
      "InversionTime": 1000.0,
      "MRAcquisitionType": "3D",
      "MagneticFieldStrength": 3.0,
      "Manufacturer": "SIEMENS",
      "ManufacturerModelName": "Skyra",
      "Modality": "MR",
      "NumberOfAverages": 1.0,
      "NumberOfPhaseEncodingSteps": 258,
      "PercentPhaseFieldOfView": 100.0,
      "PercentSampling": 100.0,
      "PerformedProcedureStepStartTime": "123812.371000",
      "PhotometricInterpretation": "MONOCHROME2",
      "PixelBandwidth": 270.0,
      "PixelRepresentation": 0,
      "PixelSpacing": [1.0, 1.0],
      "ProtocolName": "t1_mprage_1mm_Pat2",
      "RepetitionTime": 1600.0,
      "Rows": 224,
      "SAR": 0.09965370360701,
      "SamplesPerPixel": 1,
      "ScanOptions": [
        "IR",
        "WE"
],
      "ScanningSequence": [
        "GR",
        "IR"
],
      "SequenceName": "*tfl3d1_16ns",
      "SequenceVariant": [
        "SK",
        "SP",
        "MP",
        "OSP"
],
      "SeriesDescription": "t1_mprage_1mm_Pat2",
      "SeriesNumber": 2,
      "SeriesTime": "124912.907000",
      "SliceThickness": 1.0,
      "SmallestImagePixelValue": 0,
      "SoftwareVersions": "syngo MR D13",
      "SpecificCharacterSet": "ISO_IR 100",
      "StudyID": "1",
      "StudyTime": "123812.321000",
      "TransmitCoilName": "Body",
      "VariableFlipAngleFlag": "N",
      "WindowCenterWidthExplanation": "Algo1",
      "dBdt": 0.0},
