{
  "AcquisitionMatrixPE": 64,
  "AcquisitionNumber": 1,
  "AcquisitionTime": "11:13:18.500000",
  "BandwidthPerPixelPhaseEncode": 24.038,
  "BaseResolution": 64,
  "BodyPartExamined": "HEAD",
  "ConsistencyInfo": "N4_VD13A_LATEST_20120616",
  "ConversionSoftware": "dcm2niix",
  "ConversionSoftwareVersion": "v1.0.20181125  GCC6.3.0",
  "DerivedVendorReportedEchoSpacing": 0.000650012,
  "DeviceSerialNumber": "45250",
  "DwellTime": 4.6e-06,
  "EchoTime": 0.033,
  "EchoTrainLength": 64,
  "EffectiveEchoSpacing": 0.000650012,
  "FlipAngle": 90,
  "ImageOrientationPatientDICOM": [0.999871, 0.0082881, -0.0137898, -0.010471, 0.985963, -0.166635],
  "ImageType": [
    "ORIGINAL",
    "PRIMARY",
    "M",
    "ND",
    "NORM",
    "MOSAIC"
],
  "ImagingFrequency": 123.214,
  "InPlanePhaseEncodingDirectionDICOM": "COL",
  "InstitutionAddress": "Kopernikusstr._26_Graz_Graz_AT_8010",
  "InstitutionName": "KFU",
  "InstitutionalDepartmentName": "Department",
  "MRAcquisitionType": "2D",
  "MagneticFieldStrength": 3,
  "Manufacturer": "Siemens",
  "ManufacturersModelName": "Skyra",
  "Modality": "MR",
  "PartialFourier": 1,
  "PatientPosition": "HFS",
  "PercentPhaseFOV": 100,
  "PhaseEncodingDirection": "j-",
  "PhaseEncodingSteps": 64,
  "PhaseResolution": 1,
  "PixelBandwidth": 1700,
  "ProcedureStepDescription": "KFU_Entw-Psy",
  "ProtocolName": "fMRI_1",
  "PulseSequenceDetails": "%SiemensSeq%_ep2d_pace",
  "ReceiveCoilActiveElements": "HE1-4",
  "ReceiveCoilName": "HeadNeck_20",
  "ReconMatrixPE": 64,
  "RepetitionTime": 2.34,
  "SAR": 0.165676,
  "ScanOptions": "FS",
  "ScanningSequence": "EP",
  "SequenceName": "_epfid2d1_64",
  "SequenceVariant": "SK",
  "SeriesDescription": "fMRI_1",
  "SeriesNumber": 2,
  "ShimSetting": [-1612, -3668, -4284, 391, 260, 152, 332, -259],
  "SliceThickness": 3,
  "SliceTiming": [2.2525, 2.185, 2.115, 2.0475, 1.98, 1.9125, 1.8425, 1.775, 1.7075, 1.6375, 1.57, 1.5025, 1.435, 1.365, 1.2975, 1.23, 1.16, 1.0925, 1.025, 0.9575, 0.8875, 0.82, 0.7525, 0.6825, 0.615, 0.5475, 0.4775, 0.41, 0.3425, 0.275, 0.205, 0.1375, 0.07, 0],
  "SoftwareVersions": "syngo_MR_D13",
  "SpacingBetweenSlices": 3.3,
  "StationName": "FBMTMR1",
  "TaskName": "read",
  "TotalReadoutTime": 0.0409508,
  "TxRefAmp": 327.382,
  "dcmmeta_affine": [
    [-2.9996116161346436, -0.031412914395332336, -0.04030998423695564, 97.81884002685547],
    [-0.024864286184310913, 2.9578893184661865, -0.5503000617027283, -109.88983917236328],
    [-0.04136939346790314, 0.4999043047428131, 3.2535433769226074, -9.85378360748291],
    [0.0, 0.0, 0.0, 1.0]
],
  "dcmmeta_reorient_transform": [
    [0.0, -1.0, 0.0, 63.0],
    [1.0, 0.0, 0.0, 0.0],
    [0.0, 0.0, 1.0, 0.0],
    [0.0, 0.0, 0.0, 1.0]
],
  "dcmmeta_shape": [64, 64, 34, 127],
  "dcmmeta_slice_dim": 2,
  "dcmmeta_version": 0.6,
  "global": {
    "const": {
      "AcquisitionMatrix": [64, 0, 0, 64],
      "AngioFlag": "N",
      "BitsAllocated": 16,
      "BitsStored": 12,
      "BodyPartExamined": "HEAD",
      "Columns": 384,
      "EchoNumbers": 1,
      "EchoTime": 33.0,
      "EchoTrainLength": 64,
      "FlipAngle": 90.0,
      "HighBit": 11,
      "ImageOrientationPatient": [0.99987056609849, 0.0082880954506, -0.013789797812, -0.0104709712603, 0.9859630888535, -0.1666347688189],
      "ImagePositionPatient": [-570.75163511262, -553.69775160191, 108.24397930015],
      "ImageType": [
        "ORIGINAL",
        "PRIMARY",
        "M",
        "ND",
        "NORM",
        "MOSAIC"
],
      "ImagedNucleus": "1H",
      "ImagingFrequency": 123.21437,
      "InPlanePhaseEncodingDirection": "COL",
      "MRAcquisitionType": "2D",
      "MagneticFieldStrength": 3.0,
      "Manufacturer": "SIEMENS",
      "ManufacturerModelName": "Skyra",
      "Modality": "MR",
      "NumberOfAverages": 1.0,
      "NumberOfPhaseEncodingSteps": 64,
      "PercentPhaseFieldOfView": 100.0,
      "PercentSampling": 100.0,
      "PerformedProcedureStepStartTime": "111105.588000",
      "PhotometricInterpretation": "MONOCHROME2",
      "PixelBandwidth": 1700.0,
      "PixelRepresentation": 0,
      "PixelSpacing": [3.0, 3.0],
      "ProtocolName": "fMRI_1",
      "RepetitionTime": 2340.0,
      "Rows": 384,
      "SAR": 0.1656763952545,
      "SamplesPerPixel": 1,
      "ScanOptions": "FS",
      "ScanningSequence": "EP",
      "SequenceName": "*epfid2d1_64",
      "SequenceVariant": "SK",
      "SeriesDescription": "fMRI_1",
      "SeriesNumber": 2,
      "SeriesTime": "111421.800000",
      "SliceLocation": 7.4150288761773,
      "SliceThickness": 3.0,
      "SmallestImagePixelValue": 0,
      "SoftwareVersions": "syngo MR D13",
      "SpacingBetweenSlices": 3.3000000209964,
      "SpecificCharacterSet": "ISO_IR 100",
      "StudyID": "1",
      "StudyTime": "111105.539000",
      "TransmitCoilName": "Body",
      "VariableFlipAngleFlag": "N",
      "WindowCenterWidthExplanation": "Algo1",
      "dBdt": 0.0},
